{
    "TaskName": "kickstarter",
    "Manufacturer": "EGI",
    "PowerLineFrequency": 60.0,
    "SamplingFrequency": 1000.0,
    "SoftwareFilters": "n/a",
    "RecordingDuration": 1866.386,
    "RecordingType": "continuous",
    "EEGReference": "Cz",
    "EEGGround": "n/a",
    "EEGPlacementScheme": "n/a",
    "EEGChannelCount": 129,
    "EOGChannelCount": 0,
    "ECGChannelCount": 0,
    "EMGChannelCount": 0,
    "MiscChannelCount": 0,
    "TriggerChannelCount": 0
}